GIT
  remote: git+ssh://git@github.com/sanger/sanger_barcode.git
  revision: e5701fdcf759500c482163cd10c0878d24906c89
  specs:
    sanger_barcode (0.0.1)
      savon (= 0.9.2)

GIT
  remote: git+ssh://git@github.com/sanger/sequencescape-client-api.git
  revision: eb3bad1642ac4186fc3b3fc283526fd1af894fa9
  branch: production
  specs:
    sequencescape-client-api (0.2.2)
      activemodel (~> 3.0.0)
      activesupport (~> 3.0.0)
      i18n
      yajl-ruby (~> 1.1.0)

GEM
  remote: http://rubygems.org/
  specs:
    abstract (1.0.0)
    activemodel (3.0.20)
      activesupport (= 3.0.20)
      builder (~> 2.1.2)
      i18n (~> 0.5.0)
    activesupport (3.0.20)
    bootstrap-sass (3.1.0.0)
      sass (~> 3.2)
    builder (2.1.2)
    chunky_png (1.2.9)
    coderay (1.1.0)
    compass (0.12.2)
      chunky_png (~> 1.2)
      fssm (>= 0.2.7)
      sass (~> 3.1)
    erubis (2.6.6)
      abstract (>= 1.0.0)
    fssm (0.2.10)
    gyoku (1.1.1)
      builder (>= 2.1.2)
    httpi (2.1.0)
      rack
      rubyntlm (~> 0.3.2)
    i18n (0.5.3)
    method_source (0.8.2)
    mini_portile (0.5.2)
    nokogiri (1.6.1)
      mini_portile (~> 0.5.0)
    nori (2.3.0)
    pry (0.9.12.5)
      coderay (~> 1.0)
      method_source (~> 0.8)
      slop (~> 3.4)
    puma (2.7.1)
      rack (>= 1.1, < 2.0)
    rack (1.5.2)
    rack-protection (1.5.2)
      rack
    rubyntlm (0.3.4)
    sass (3.2.14)
    savon (0.9.2)
      builder (>= 2.1.2)
      gyoku (>= 0.4.0)
      httpi (>= 0.7.8)
      nokogiri (>= 1.4.0)
      nori (>= 0.2.0)
    sinatra (1.4.4)
      rack (~> 1.4)
      rack-protection (~> 1.4)
      tilt (~> 1.3, >= 1.3.4)
    sinatra-partial (0.4.0)
      sinatra
    slop (3.4.7)
    tilt (1.4.1)
    yajl-ruby (1.1.0)

PLATFORMS
  ruby

DEPENDENCIES
  bootstrap-sass
  compass
  erubis
  pry
  puma
  sanger_barcode!
  sequencescape-client-api!
  sinatra
  sinatra-partial
